GEM
  remote: https://rubygems.org/
  specs:
    rufus-scheduler (3.1.1)
    skype (0.2.8)
      tmp_cache
    sqlite3 (1.3.10)
    tmp_cache (0.1.1)

PLATFORMS
  ruby

DEPENDENCIES
  rufus-scheduler
  skype
  sqlite3
