GEM
  remote: https://rubygems.org/
  specs:
    rufus-scheduler (3.1.2)
    slack-notifier (1.2.1)
    sqlite3 (1.3.10)

PLATFORMS
  ruby

DEPENDENCIES
  rufus-scheduler
  slack-notifier
  sqlite3
